GIT
  remote: git://github.com/bebanjo/vx-common.git
  revision: 0b00b1072f523bd79069cc44bae94fa1bd629d5f
  tag: v0.3.1
  specs:
    vx-common (0.3.1)
      airbrake (~> 3.1.14)
      vx-common-rack-builder (= 0.0.2)
      vx-common-spawn (> 0.0.7)

GIT
  remote: git://github.com/bebanjo/vx-consumer.git
  revision: de2220093ea9aaf658936642b75ffeb77c98ba41
  tag: v0.1.8
  specs:
    vx-consumer (0.1.8)
      bunny (= 1.3.1)
      vx-common-rack-builder (>= 0.0.2)

GIT
  remote: git://github.com/bebanjo/vx-container_connector.git
  revision: 5041260bf9c9ddc69cad3fe2106b201fbca477ba
  branch: bebanjo
  specs:
    vx-lib-container (0.6.1)
      docker-api (= 1.16.1)
      vx-lib-shell (= 0.1.4)

GIT
  remote: git://github.com/bebanjo/vx-instrumentation.git
  revision: f54f03becc164b6ad9940148cecef74e165e6e91
  specs:
    vx-lib-instrumentation (0.1.12)
      activesupport

GIT
  remote: git://github.com/bebanjo/vx-lib-shell.git
  revision: ebf9b0d8b3bd8bd024b813968c84adcca6ccc6d7
  specs:
    vx-lib-shell (0.1.4)
      net-ssh (= 2.9.1)

GIT
  remote: git://github.com/bebanjo/vx-message.git
  revision: 66f81a50b3a24897cd38f14d6456e024e6a5cd7c
  specs:
    vx-lib-message (0.6.4)
      beefcake (= 1.0.0)

PATH
  remote: .
  specs:
    vx-worker (0.3.0.pre1)
      dotenv
      hashr (= 0.0.22)
      vx-common (= 0.3.1)
      vx-consumer (= 0.1.8)
      vx-instrumentation (= 0.1.1)
      vx-lib-container
      vx-lib-message

GEM
  remote: https://rubygems.org/
  specs:
    activesupport (4.2.1)
      i18n (~> 0.7)
      json (~> 1.7, >= 1.7.7)
      minitest (~> 5.1)
      thread_safe (~> 0.3, >= 0.3.4)
      tzinfo (~> 1.1)
    airbrake (3.1.17)
      builder
      multi_json
    amq-protocol (1.9.2)
    archive-tar-minitar (0.5.2)
    beefcake (1.0.0)
    builder (3.2.2)
    bunny (1.3.1)
      amq-protocol (>= 1.9.2)
    diff-lcs (1.2.5)
    docker-api (1.16.1)
      archive-tar-minitar
      excon (>= 0.38.0)
      json
    dotenv (2.0.1)
    excon (0.45.3)
    hashr (0.0.22)
    i18n (0.7.0)
    json (1.8.2)
    minitest (5.6.1)
    multi_json (1.11.0)
    net-ssh (2.9.1)
    rake (10.1.1)
    rr (1.1.2)
    rspec (2.14.1)
      rspec-core (~> 2.14.0)
      rspec-expectations (~> 2.14.0)
      rspec-mocks (~> 2.14.0)
    rspec-core (2.14.8)
    rspec-expectations (2.14.5)
      diff-lcs (>= 1.1.3, < 2.0)
    rspec-mocks (2.14.6)
    thread_safe (0.3.5)
    timecop (0.7.1)
    tzinfo (1.2.2)
      thread_safe (~> 0.1)
    vx-common-rack-builder (0.0.2)
    vx-common-spawn (0.0.8)
      net-ssh (~> 2.6)
    vx-instrumentation (0.1.1)
      activesupport (~> 4.0)
      airbrake

PLATFORMS
  ruby

DEPENDENCIES
  bundler (~> 1.3)
  rake
  rr
  rspec (= 2.14.1)
  timecop
  vx-common!
  vx-consumer!
  vx-lib-container!
  vx-lib-instrumentation!
  vx-lib-message!
  vx-lib-shell!
  vx-worker!
