GIT
  remote: git://github.com/pacoguzman/vx-container_connector.git
  revision: 3b7383a9a0e34ccb9c4042fcac4531f0854f5832
  branch: bebanjo
  specs:
    vx-container_connector (0.5.7)
      docker-api (= 1.15.0)
      vx-common-spawn (= 0.0.8)

PATH
  remote: .
  specs:
    vx-worker (0.3.0.pre1)
      dotenv
      hashr (= 0.0.22)
      vx-common (= 0.3.1)
      vx-consumer (= 0.1.8)
      vx-container_connector (= 0.5.7)
      vx-instrumentation (= 0.1.8)
      vx-message (= 0.6.2)

GEM
  remote: https://rubygems.org/
  specs:
    activesupport (4.1.8)
      i18n (~> 0.6, >= 0.6.9)
      json (~> 1.7, >= 1.7.7)
      minitest (~> 5.1)
      thread_safe (~> 0.1)
      tzinfo (~> 1.1)
    airbrake (3.1.17)
      builder
      multi_json
    amq-protocol (1.9.2)
    archive-tar-minitar (0.5.2)
    beefcake (0.5.0)
    builder (3.2.2)
    bunny (1.3.1)
      amq-protocol (>= 1.9.2)
    diff-lcs (1.2.5)
    docker-api (1.15.0)
      archive-tar-minitar
      excon (>= 0.38.0)
      json
    dotenv (1.0.2)
    excon (0.41.0)
    hashr (0.0.22)
    i18n (0.6.11)
    json (1.8.1)
    minitest (5.4.3)
    multi_json (1.10.1)
    net-ssh (2.9.1)
    rake (10.1.1)
    rr (1.1.2)
    rspec (2.14.1)
      rspec-core (~> 2.14.0)
      rspec-expectations (~> 2.14.0)
      rspec-mocks (~> 2.14.0)
    rspec-core (2.14.8)
    rspec-expectations (2.14.5)
      diff-lcs (>= 1.1.3, < 2.0)
    rspec-mocks (2.14.6)
    thread_safe (0.3.4)
    timecop (0.7.1)
    tzinfo (1.2.2)
      thread_safe (~> 0.1)
    vx-common (0.3.1)
      airbrake (~> 3.1.14)
      vx-common-rack-builder (= 0.0.2)
      vx-common-spawn (> 0.0.7)
    vx-common-rack-builder (0.0.2)
    vx-common-spawn (0.0.8)
      net-ssh (~> 2.6)
    vx-consumer (0.1.8)
      bunny (= 1.3.1)
      vx-common-rack-builder (>= 0.0.2)
    vx-instrumentation (0.1.8)
      activesupport (~> 4.0)
    vx-message (0.6.2)
      beefcake (= 0.5.0)

PLATFORMS
  ruby

DEPENDENCIES
  bundler (~> 1.3)
  rake
  rr
  rspec (= 2.14.1)
  timecop
  vx-container_connector!
  vx-worker!
